PATH
  remote: .
  specs:
    fluent-plugin-esslowquery (1.1.0)
      fluentd (>= 0.12.0, < 2)

GEM
  remote: https://rubygems.org/
  specs:
    coderay (1.1.2)
    cool.io (1.5.3)
    diff-lcs (1.3)
    dig_rb (1.0.1)
    fluentd (1.1.3)
      cool.io (>= 1.4.5, < 2.0.0)
      dig_rb (~> 1.0.0)
      http_parser.rb (>= 0.5.1, < 0.7.0)
      msgpack (>= 0.7.0, < 2.0.0)
      serverengine (>= 2.0.4, < 3.0.0)
      sigdump (~> 0.2.2)
      strptime (>= 0.2.2, < 1.0.0)
      tzinfo (~> 1.0)
      tzinfo-data (~> 1.0)
      yajl-ruby (~> 1.0)
    http_parser.rb (0.6.0)
    method_source (0.9.0)
    msgpack (1.2.4)
    pry (0.11.3)
      coderay (~> 1.1.0)
      method_source (~> 0.9.0)
    rake (12.3.1)
    rspec (3.7.0)
      rspec-core (~> 3.7.0)
      rspec-expectations (~> 3.7.0)
      rspec-mocks (~> 3.7.0)
    rspec-core (3.7.1)
      rspec-support (~> 3.7.0)
    rspec-expectations (3.7.0)
      diff-lcs (>= 1.2.0, < 2.0)
      rspec-support (~> 3.7.0)
    rspec-mocks (3.7.0)
      diff-lcs (>= 1.2.0, < 2.0)
      rspec-support (~> 3.7.0)
    rspec-support (3.7.1)
    serverengine (2.0.6)
      sigdump (~> 0.2.2)
    sigdump (0.2.4)
    strptime (0.2.3)
    thread_safe (0.3.6)
    tzinfo (1.2.5)
      thread_safe (~> 0.1)
    tzinfo-data (1.2018.4)
      tzinfo (>= 1.0.0)
    yajl-ruby (1.4.3)

PLATFORMS
  ruby

DEPENDENCIES
  fluent-plugin-esslowquery!
  pry
  rake
  rspec (~> 3.7)

BUNDLED WITH
   1.16.1
