PATH
  remote: .
  specs:
    fluent-plugin-esslowquery (1.1.1)
      fluentd (>= 0.12.0, < 2)

GEM
  remote: https://rubygems.org/
  specs:
    coderay (1.1.2)
    concurrent-ruby (1.1.9)
    cool.io (1.7.1)
    diff-lcs (1.3)
    fluentd (1.14.5)
      bundler
      cool.io (>= 1.4.5, < 2.0.0)
      http_parser.rb (>= 0.5.1, < 0.9.0)
      msgpack (>= 1.3.1, < 2.0.0)
      serverengine (>= 2.2.5, < 3.0.0)
      sigdump (~> 0.2.2)
      strptime (>= 0.2.4, < 1.0.0)
      tzinfo (>= 1.0, < 3.0)
      tzinfo-data (~> 1.0)
      webrick (>= 1.4.2, < 1.8.0)
      yajl-ruby (~> 1.0)
    http_parser.rb (0.8.0)
    method_source (0.9.0)
    msgpack (1.4.5)
    pry (0.11.3)
      coderay (~> 1.1.0)
      method_source (~> 0.9.0)
    rake (12.3.1)
    rspec (3.7.0)
      rspec-core (~> 3.7.0)
      rspec-expectations (~> 3.7.0)
      rspec-mocks (~> 3.7.0)
    rspec-core (3.7.1)
      rspec-support (~> 3.7.0)
    rspec-expectations (3.7.0)
      diff-lcs (>= 1.2.0, < 2.0)
      rspec-support (~> 3.7.0)
    rspec-mocks (3.7.0)
      diff-lcs (>= 1.2.0, < 2.0)
      rspec-support (~> 3.7.0)
    rspec-support (3.7.1)
    serverengine (2.2.5)
      sigdump (~> 0.2.2)
    sigdump (0.2.4)
    strptime (0.2.5)
    tzinfo (2.0.4)
      concurrent-ruby (~> 1.0)
    tzinfo-data (1.2021.5)
      tzinfo (>= 1.0.0)
    webrick (1.7.0)
    yajl-ruby (1.4.1)

PLATFORMS
  ruby

DEPENDENCIES
  fluent-plugin-esslowquery!
  pry
  rake
  rspec (~> 3.7)

BUNDLED WITH
   2.2.22
